GEM
  remote: https://rubygems.org/
  specs:
    gosu (0.8.4)
    rrobots (0.0.1)
      gosu

PLATFORMS
  ruby

DEPENDENCIES
  gosu (>= 0.8)
  rrobots
